PATH
  remote: .
  specs:
    ruby-xbee (0.0.5)
      highline (~> 1.6.18)
      rake (= 10.0.4)
      serialport (~> 1.1.0)

GEM
  remote: http://rubygems.org/
  specs:
    diff-lcs (1.2.4)
    highline (1.6.18)
    rake (10.0.4)
    rspec (2.13.0)
      rspec-core (~> 2.13.0)
      rspec-expectations (~> 2.13.0)
      rspec-mocks (~> 2.13.0)
    rspec-core (2.13.1)
    rspec-expectations (2.13.0)
      diff-lcs (>= 1.1.3, < 2.0)
    rspec-mocks (2.13.1)
    serialport (1.1.0)

PLATFORMS
  ruby

DEPENDENCIES
  rspec
  ruby-xbee!
